GEM
  remote: https://rubygems.org/
  specs:
    bubble-wrap (1.4.0)
    formotion (1.6)
      bubble-wrap (~> 1.4.0)
      motion-require (~> 0.0.3)
    motion-require (0.0.7)
    rake (10.1.0)

PLATFORMS
  ruby

DEPENDENCIES
  formotion
  rake
